PATH
  remote: .
  specs:
    es2s3 (1.0.0.pre)
      httparty

GEM
  remote: https://rubygems.org/
  specs:
    coderay (1.1.2)
    httparty (0.16.2)
      multi_xml (>= 0.5.2)
    method_source (0.9.0)
    multi_xml (0.6.0)
    pry (0.11.3)
      coderay (~> 1.1.0)
      method_source (~> 0.9.0)
    rake (12.3.1)

PLATFORMS
  ruby

DEPENDENCIES
  es2s3!
  pry
  rake

BUNDLED WITH
   1.16.0
